GIT
  remote: git@github.com:zendesk/zendesk_deployment.git
  revision: 415eb3e0478939aecd99fd9cf1f95271e4a147c2
  ref: v1.12.2
  specs:
    zendesk_deployment (1.12.2)
      capistrano (< 3.0.0)
      deep_merge

GEM
  remote: https://rubygems.org/
  specs:
    airbrake (4.1.0)
      builder
      multi_json
    builder (3.2.2)
    capistrano (2.15.5)
      highline
      net-scp (>= 1.0.0)
      net-sftp (>= 2.0.0)
      net-ssh (>= 2.0.14)
      net-ssh-gateway (>= 1.1.0)
    columnize (0.8.9)
    deep_merge (1.0.1)
    diff-lcs (1.2.5)
    highline (1.6.21)
    linecache (0.46)
      rbx-require-relative (> 0.0.4)
    multi_json (1.10.1)
    mysql_isolated_server (0.3.3)
    net-scp (1.2.1)
      net-ssh (>= 2.6.5)
    net-sftp (2.1.2)
      net-ssh (>= 2.6.5)
    net-ssh (2.9.1)
    net-ssh-gateway (1.2.0)
      net-ssh (>= 2.6.5)
    newrelic_rpm (3.9.6.257)
    puma (2.8.2)
      rack (>= 1.1, < 2.0)
    puma (2.8.2-java)
      rack (>= 1.1, < 2.0)
    rack (1.5.2)
    rack-protection (1.5.3)
      rack
    rack-test (0.6.2)
      rack (>= 1.0)
    rake (10.3.2)
    rbx-require-relative (0.0.9)
    rspec (3.0.0)
      rspec-core (~> 3.0.0)
      rspec-expectations (~> 3.0.0)
      rspec-mocks (~> 3.0.0)
    rspec-core (3.0.1)
      rspec-support (~> 3.0.0)
    rspec-expectations (3.0.1)
      diff-lcs (>= 1.2.0, < 2.0)
      rspec-support (~> 3.0.0)
    rspec-mocks (3.0.1)
      rspec-support (~> 3.0.0)
    rspec-support (3.0.0)
    ruby-debug (0.10.4)
      columnize (>= 0.1)
      ruby-debug-base (~> 0.10.4.0)
    ruby-debug-base (0.10.4)
      linecache (>= 0.3)
    ruby-debug-base (0.10.4-java)
    sinatra (1.4.5)
      rack (~> 1.4)
      rack-protection (~> 1.4)
      tilt (~> 1.3, >= 1.3.4)
    tilt (1.4.1)

PLATFORMS
  java
  ruby

DEPENDENCIES
  airbrake (~> 4.0)
  mysql_isolated_server (~> 0.3)
  newrelic_rpm (~> 3.9)
  puma
  rack-test
  rake
  rspec
  ruby-debug
  sinatra
  zendesk_deployment!
